PATH
  remote: .
  specs:
    bundler_timer (1.2.0)
      bundler (~> 1)
      sequel
      sqlite3

GEM
  specs:
    sequel (4.5.0)
    sqlite3 (1.3.8)

PLATFORMS
  ruby

DEPENDENCIES
  bundler_timer!
