PATH
  remote: .
  specs:
    bundler_timer (1.1.2)
      bundler (~> 1)
      sequel (~> 3)
      sqlite3 (~> 1.3)

GEM
  remote: http://rubygems.org/
  specs:
    sequel (3.28.0)
    sqlite3 (1.3.4)

PLATFORMS
  ruby

DEPENDENCIES
  bundler_timer!
